GIT
  remote: git://github.com/RubyMoney/eu_central_bank.git
  revision: 00a9fcb7c8eba95e5779d67b0deac7257e6c693d
  specs:
    eu_central_bank (1.0.0)
      money (~> 6.7.0)
      nokogiri (~> 1.6.3)

GIT
  remote: git://github.com/romul/spree_address_book.git
  revision: 389c8218b07bf85f4dbf89f05d33f89b2e2f0177
  branch: 3-0-stable
  specs:
    spree_address_book (3.0.1)
      spree_auth_devise
      spree_core (~> 3.0.0.rc)

GIT
  remote: git://github.com/scan/spree_multi_currency.git
  revision: 8f9ddb06a042c519cfa213091cea7ce31616bdd0
  branch: 3-0-stable
  specs:
    spree_multi_currency (3.0.0)
      spree_core (~> 3.0.0)

GIT
  remote: git://github.com/spree-contrib/better_spree_paypal_express.git
  revision: 526d7f4f5bb9074b41b8d6ff38c47d01612ededf
  branch: 3-0-stable
  specs:
    spree_paypal_express (3.0.0)
      paypal-sdk-merchant (= 1.106.1)
      spree_core (~> 3.0.0)

GIT
  remote: git://github.com/spree-contrib/spree_contact_us.git
  revision: 4089e70ef39e0a5f7e48fc505abec2259e0afbfc
  branch: 3-0-stable
  specs:
    spree_contact_us (2.2.0)
      spree_core (~> 3.0.0)

GIT
  remote: git://github.com/spree-contrib/spree_i18n.git
  revision: 29c6a015dddcd78408d1ef4ac8f7f77bd0fc4335
  branch: 3-0-stable
  specs:
    spree_i18n (3.0.5)
      friendly_id-globalize
      globalize (~> 5.0.1)
      i18n_data (~> 0.7.0)
      kaminari-i18n (~> 0.3.2)
      rails-i18n (~> 4.0.1)
      spree_core (~> 3.0.5)

GIT
  remote: git://github.com/spree-contrib/spree_print_invoice.git
  revision: d59b21a8e4b5c2f57385074c9a49bfeb2498f4f0
  branch: 3-0-stable
  specs:
    spree_print_invoice (3.0.0.beta)
      prawn (~> 1.0.0)
      spree_core (~> 3.0.0)

GIT
  remote: git://github.com/spree-contrib/spree_wishlist.git
  revision: 07520b0a69a4f27e829810ca76cfd2a801ef5571
  branch: 3-0-stable
  specs:
    spree_wishlist (2.2.0)
      spree_core (~> 3.0.0)

GIT
  remote: git://github.com/spree/spree_auth_devise.git
  revision: 1ac9dcc33049b185a0dd884c832583feb4b91890
  branch: 3-0-stable
  specs:
    spree_auth_devise (3.0.6)
      devise (~> 3.5.4)
      devise-encryptable (= 0.1.2)
      json
      multi_json
      spree_core (~> 3.0.0)

GIT
  remote: git://github.com/spree/spree_gateway.git
  revision: 3cb02b0b3a45be5f4ace9d9295ffb3c11864e605
  branch: 3-0-stable
  specs:
    spree_gateway (3.0.0)
      spree_core (~> 3.0.0)

GIT
  remote: git://github.com/sternzeit/activeresource_redirect_connection.git
  revision: f5ab71f09100e11909cd91cd6b6b5bbba93fbee1
  tag: v0.0.2
  specs:
    activeresource_redirect_connection (0.0.2)
      activeresource (~> 4.1)

GEM
  remote: https://rubygems.org/
  specs:
    actionmailer (4.2.6)
      actionpack (= 4.2.6)
      actionview (= 4.2.6)
      activejob (= 4.2.6)
      mail (~> 2.5, >= 2.5.4)
      rails-dom-testing (~> 1.0, >= 1.0.5)
    actionpack (4.2.6)
      actionview (= 4.2.6)
      activesupport (= 4.2.6)
      rack (~> 1.6)
      rack-test (~> 0.6.2)
      rails-dom-testing (~> 1.0, >= 1.0.5)
      rails-html-sanitizer (~> 1.0, >= 1.0.2)
    actionview (4.2.6)
      activesupport (= 4.2.6)
      builder (~> 3.1)
      erubis (~> 2.7.0)
      rails-dom-testing (~> 1.0, >= 1.0.5)
      rails-html-sanitizer (~> 1.0, >= 1.0.2)
    activejob (4.2.6)
      activesupport (= 4.2.6)
      globalid (>= 0.3.0)
    activemerchant (1.47.0)
      activesupport (>= 3.2.14, < 5.0.0)
      builder (>= 2.1.2, < 4.0.0)
      i18n (>= 0.6.9)
      nokogiri (~> 1.4)
    activemodel (4.2.6)
      activesupport (= 4.2.6)
      builder (~> 3.1)
    activerecord (4.2.6)
      activemodel (= 4.2.6)
      activesupport (= 4.2.6)
      arel (~> 6.0)
    activeresource (4.1.0)
      activemodel (~> 4.0)
      activesupport (~> 4.0)
      rails-observers (~> 0.1.2)
    activesupport (4.2.6)
      i18n (~> 0.7)
      json (~> 1.7, >= 1.7.7)
      minitest (~> 5.1)
      thread_safe (~> 0.3, >= 0.3.4)
      tzinfo (~> 1.1)
    acts_as_list (0.7.4)
      activerecord (>= 3.0)
    addressable (2.4.0)
    arel (6.0.3)
    autoprefixer-rails (6.3.6)
      execjs
    awesome_nested_set (3.0.3)
      activerecord (>= 4.0.0, < 5)
    bcrypt (3.1.11)
    bootstrap-sass (3.3.6)
      autoprefixer-rails (>= 5.2.1)
      sass (>= 3.3.4)
    bourbon (4.2.6)
      sass (~> 3.4)
      thor (~> 0.19)
    builder (3.2.2)
    bxslider-rails (4.2.5.1)
    byebug (8.2.4)
    camertron-eprun (1.1.0)
    cancancan (1.10.1)
    canonical-rails (0.0.11)
      rails (>= 3.1, < 5.0)
    capistrano (3.4.0)
      i18n
      rake (>= 10.0.0)
      sshkit (~> 1.3)
    capistrano-bundler (1.1.4)
      capistrano (~> 3.1)
      sshkit (~> 1.2)
    capistrano-rails (1.1.6)
      capistrano (~> 3.1)
      capistrano-bundler (~> 1.1)
    capistrano-rvm (0.1.2)
      capistrano (~> 3.0)
      sshkit (~> 1.2)
    capistrano-sidekiq (0.5.4)
      capistrano
      sidekiq (>= 3.4)
    capistrano3-unicorn (0.2.1)
      capistrano (~> 3.1, >= 3.1.0)
    capybara (2.7.0)
      addressable
      mime-types (>= 1.16)
      nokogiri (>= 1.3.3)
      rack (>= 1.0.0)
      rack-test (>= 0.5.4)
      xpath (~> 2.0)
    carmen (1.0.2)
      activesupport (>= 3.0.0)
    cldr-plurals-runtime-rb (1.0.1)
    climate_control (0.0.3)
      activesupport (>= 3.0)
    cocaine (0.5.8)
      climate_control (>= 0.0.3, < 1.0)
    coffee-rails (4.1.1)
      coffee-script (>= 2.2.0)
      railties (>= 4.0.0, < 5.1.x)
    coffee-script (2.4.1)
      coffee-script-source
      execjs
    coffee-script-source (1.10.0)
    colorize (0.7.7)
    combine_pdf (0.2.30)
      ruby-rc4 (>= 0.1.5)
    concurrent-ruby (1.0.1)
    connection_pool (2.2.0)
    countries (1.2.5)
      currencies (~> 0.4.2)
      i18n_data (~> 0.7.0)
    country_select (2.5.2)
      countries (~> 1.2.0)
      sort_alphabetical (~> 1.0)
    crack (0.4.3)
      safe_yaml (~> 1.0.0)
    css_parser (1.4.1)
      addressable
    currencies (0.4.2)
    daemons (1.2.3)
    database_cleaner (1.5.1)
    date_validator (0.9.0)
      activemodel
      activesupport
    debug_inspector (0.0.2)
    deface (1.0.2)
      colorize (>= 0.5.8)
      nokogiri (~> 1.6.0)
      polyglot
      rails (>= 3.1)
    devise (3.5.6)
      bcrypt (~> 3.0)
      orm_adapter (~> 0.1)
      railties (>= 3.2.6, < 5)
      responders
      thread_safe (~> 0.1)
      warden (~> 1.2.3)
    devise-encryptable (0.1.2)
      devise (>= 2.1.0)
    diff-lcs (1.2.5)
    email_spec (2.0.0)
      htmlentities (~> 4.3.3)
      launchy (~> 2.1)
      mail (~> 2.6.3)
    erubis (2.7.0)
    eventmachine (1.2.0.1)
    exception_notification (4.1.4)
      actionmailer (~> 4.0)
      activesupport (~> 4.0)
    excon (0.49.0)
    execjs (2.6.0)
    exifr (1.2.4)
    factory_girl (4.7.0)
      activesupport (>= 3.0.0)
    factory_girl_rails (4.7.0)
      factory_girl (~> 4.7.0)
      railties (>= 3.0.0)
    ffaker (1.32.1)
    font-awesome-rails (4.6.1.0)
      railties (>= 3.2, < 5.1)
    friendly_id (5.1.0)
      activerecord (>= 4.0.0)
    friendly_id-globalize (1.0.0.alpha2)
      friendly_id (~> 5.1.0, < 6.0)
    fspath (2.1.1)
    git (1.3.0)
    globalid (0.3.6)
      activesupport (>= 4.1.0)
    globalize (5.0.1)
      activemodel (>= 4.2.0, < 4.3)
      activerecord (>= 4.2.0, < 4.3)
    haml (4.0.7)
      tilt
    haml-rails (0.9.0)
      actionpack (>= 4.0.1)
      activesupport (>= 4.0.1)
      haml (>= 4.0.6, < 5.0)
      html2haml (>= 1.0.1)
      railties (>= 4.0.1)
    hashdiff (0.3.0)
    highline (1.6.21)
    html2haml (2.0.0)
      erubis (~> 2.7.0)
      haml (~> 4.0.0)
      nokogiri (~> 1.6.0)
      ruby_parser (~> 3.5)
    htmlentities (4.3.4)
    http_accept_language (2.0.5)
    i18n (0.7.0)
    i18n_data (0.7.0)
    image_optim (0.22.1)
      exifr (~> 1.2, >= 1.2.2)
      fspath (~> 2.1)
      image_size (~> 1.3)
      in_threads (~> 1.3)
      progress (~> 3.0, >= 3.0.1)
    image_optim_pack (0.2.1.20160413)
      fspath (~> 2.1)
      image_optim (~> 0.19)
    image_size (1.4.2)
    in_threads (1.3.1)
    iso_country_codes (0.7.4)
    jbuilder (2.4.1)
      activesupport (>= 3.0.0, < 5.1)
      multi_json (~> 1.2)
    jquery-rails (4.1.1)
      rails-dom-testing (>= 1, < 3)
      railties (>= 4.2.0)
      thor (>= 0.14, < 2.0)
    jquery-ui-rails (5.0.5)
      railties (>= 3.2.16)
    json (1.8.3)
    kaminari (0.16.3)
      actionpack (>= 3.0.0)
      activesupport (>= 3.0.0)
    kaminari-i18n (0.3.2)
      kaminari
      rails
    kgio (2.10.0)
    launchy (2.4.3)
      addressable (~> 2.3)
    loofah (2.0.3)
      nokogiri (>= 1.5.9)
    mail (2.6.4)
      mime-types (>= 1.16, < 4)
    mailchimp-api (2.0.6)
      excon (>= 0.16.0)
      json (>= 1.7.7)
    mime-types (3.0)
      mime-types-data (~> 3.2015)
    mime-types-data (3.2016.0221)
    mini_portile2 (2.0.0)
    minitest (5.9.0)
    monetize (1.4.0)
      money (~> 6.7)
    money (6.7.0)
      i18n (>= 0.6.4, <= 0.7.0)
      sixarm_ruby_unaccent (>= 1.1.1, < 2)
    multi_json (1.11.2)
    mysql2 (0.4.2)
    neat (1.7.4)
      bourbon (>= 4.0)
      sass (>= 3.3)
    net-scp (1.2.1)
      net-ssh (>= 2.6.5)
    net-ssh (3.1.1)
    nokogiri (1.6.7.2)
      mini_portile2 (~> 2.0.0.rc2)
    orm_adapter (0.5.0)
    paperclip (4.2.4)
      activemodel (>= 3.2.0)
      activesupport (>= 3.2.0)
      cocaine (~> 0.5.5)
      mime-types
    paperclip-optimizer (2.0.0)
      image_optim (~> 0.19)
      paperclip (>= 3.4)
    paranoia (2.1.5)
      activerecord (~> 4.0)
    paypal-sdk-core (0.2.10)
      multi_json (~> 1.0)
      xml-simple
    paypal-sdk-merchant (1.106.1)
      paypal-sdk-core (~> 0.2.3)
    pdf-core (0.2.5)
    pg (0.18.4)
    polyamorous (1.3.0)
      activerecord (>= 3.0)
    polyglot (0.3.5)
    prawn (1.0.0)
      pdf-core (~> 0.2.2)
      ttfunk (~> 1.1.1)
    premailer (1.8.6)
      css_parser (>= 1.3.6)
      htmlentities (>= 4.0.0)
    premailer-rails (1.9.2)
      actionmailer (>= 3, < 6)
      premailer (~> 1.7, >= 1.7.9)
    progress (3.1.1)
    quiet_assets (1.1.0)
      railties (>= 3.1, < 5.0)
    rabl (0.11.8)
      activesupport (>= 2.3.14)
    rack (1.6.4)
    rack-protection (1.5.3)
      rack
    rack-test (0.6.3)
      rack (>= 1.0)
    rails (4.2.6)
      actionmailer (= 4.2.6)
      actionpack (= 4.2.6)
      actionview (= 4.2.6)
      activejob (= 4.2.6)
      activemodel (= 4.2.6)
      activerecord (= 4.2.6)
      activesupport (= 4.2.6)
      bundler (>= 1.3.0, < 2.0)
      railties (= 4.2.6)
      sprockets-rails
    rails-deprecated_sanitizer (1.0.3)
      activesupport (>= 4.2.0.alpha)
    rails-dom-testing (1.0.7)
      activesupport (>= 4.2.0.beta, < 5.0)
      nokogiri (~> 1.6.0)
      rails-deprecated_sanitizer (>= 1.0.1)
    rails-html-sanitizer (1.0.3)
      loofah (~> 2.0)
    rails-i18n (4.0.8)
      i18n (~> 0.7)
      railties (~> 4.0)
    rails-observers (0.1.2)
      activemodel (~> 4.0)
    railties (4.2.6)
      actionpack (= 4.2.6)
      activesupport (= 4.2.6)
      rake (>= 0.8.7)
      thor (>= 0.18.1, < 2.0)
    raindrops (0.16.0)
    rake (11.1.2)
    ransack (1.4.1)
      actionpack (>= 3.0)
      activerecord (>= 3.0)
      activesupport (>= 3.0)
      i18n
      polyamorous (~> 1.1)
    rdoc (4.2.2)
      json (~> 1.4)
    recaptcha (1.3.0)
      json
    redis (3.3.1)
    responders (2.1.2)
      railties (>= 4.2.0, < 5.1)
    rspec-core (3.4.4)
      rspec-support (~> 3.4.0)
    rspec-expectations (3.4.0)
      diff-lcs (>= 1.2.0, < 2.0)
      rspec-support (~> 3.4.0)
    rspec-mocks (3.4.1)
      diff-lcs (>= 1.2.0, < 2.0)
      rspec-support (~> 3.4.0)
    rspec-rails (3.4.2)
      actionpack (>= 3.0, < 4.3)
      activesupport (>= 3.0, < 4.3)
      railties (>= 3.0, < 4.3)
      rspec-core (~> 3.4.0)
      rspec-expectations (~> 3.4.0)
      rspec-mocks (~> 3.4.0)
      rspec-support (~> 3.4.0)
    rspec-support (3.4.1)
    ruby-rc4 (0.1.5)
    ruby_parser (3.8.1)
      sexp_processor (~> 4.1)
    safe_yaml (1.0.4)
    sass (3.4.22)
    sass-rails (5.0.4)
      railties (>= 4.0.0, < 5.0)
      sass (~> 3.1)
      sprockets (>= 2.8, < 4.0)
      sprockets-rails (>= 2.0, < 4.0)
      tilt (>= 1.1, < 3)
    sdoc (0.4.1)
      json (~> 1.7, >= 1.7.7)
      rdoc (~> 4.0)
    select2-rails (3.5.9.1)
      thor (~> 0.14)
    sexp_processor (4.7.0)
    sidekiq (4.1.1)
      concurrent-ruby (~> 1.0)
      connection_pool (~> 2.2, >= 2.2.0)
      redis (~> 3.2, >= 3.2.1)
    sidekiq-status (0.6.0)
      sidekiq (>= 2.7)
    sinatra (1.4.7)
      rack (~> 1.5)
      rack-protection (~> 1.4)
      tilt (>= 1.3, < 3)
    sixarm_ruby_unaccent (1.1.1)
    slack-notifier (1.5.1)
    social-buttons (0.3.9)
      rails (>= 3.0.0)
    sort_alphabetical (1.0.2)
      unicode_utils (>= 1.2.2)
    spree (3.0.8)
      spree_api (= 3.0.8)
      spree_backend (= 3.0.8)
      spree_cmd (= 3.0.8)
      spree_core (= 3.0.8)
      spree_frontend (= 3.0.8)
      spree_sample (= 3.0.8)
    spree_api (3.0.8)
      rabl (~> 0.11.6)
      spree_core (= 3.0.8)
      versioncake (~> 2.3.1)
    spree_backend (3.0.8)
      bootstrap-sass (~> 3.3)
      jquery-rails (~> 4.1)
      jquery-ui-rails (~> 5.0)
      select2-rails (= 3.5.9.1)
      spree_api (= 3.0.8)
      spree_core (= 3.0.8)
    spree_cmd (3.0.8)
      thor (~> 0.14)
    spree_core (3.0.8)
      activemerchant (~> 1.47.0)
      acts_as_list (~> 0.6)
      awesome_nested_set (~> 3.0.1)
      cancancan (~> 1.10.1)
      carmen (~> 1.0.0)
      deface (~> 1.0.0)
      ffaker (~> 1.16)
      font-awesome-rails (~> 4.0)
      friendly_id (~> 5.1.0)
      highline (~> 1.6.18)
      json (~> 1.7)
      kaminari (~> 0.15, >= 0.15.1)
      monetize (~> 1.1)
      paperclip (~> 4.2.0)
      paranoia (~> 2.1.0)
      premailer-rails
      rails (~> 4.2.2)
      ransack (~> 1.4.1)
      responders
      sprockets-rails
      state_machines-activerecord (~> 0.2)
      stringex
      truncate_html (= 0.9.2)
      twitter_cldr (~> 3.0)
    spree_frontend (3.0.8)
      bootstrap-sass (>= 3.3.5.1, < 3.4)
      canonical-rails (~> 0.0.4)
      jquery-rails (~> 4.1)
      spree_api (= 3.0.8)
      spree_core (= 3.0.8)
    spree_sample (3.0.8)
      spree_core (= 3.0.8)
    spring (1.7.1)
    sprockets (3.6.0)
      concurrent-ruby (~> 1.0)
      rack (> 1, < 3)
    sprockets-rails (3.0.4)
      actionpack (>= 4.0)
      activesupport (>= 4.0)
      sprockets (>= 3.0.0)
    sshkit (1.9.0)
      net-scp (>= 1.1.2)
      net-ssh (>= 2.8.0)
    state_machines (0.4.0)
    state_machines-activemodel (0.3.0)
      activemodel (~> 4.1)
      state_machines (>= 0.4.0)
    state_machines-activerecord (0.3.0)
      activerecord (~> 4.1)
      state_machines-activemodel (>= 0.3.0)
    stringex (2.6.0)
    thin (1.6.4)
      daemons (~> 1.0, >= 1.0.9)
      eventmachine (~> 1.0, >= 1.0.4)
      rack (~> 1.0)
    thor (0.19.1)
    thread_safe (0.3.5)
    tilt (2.0.2)
    truncate_html (0.9.2)
    ttfunk (1.1.1)
    turbolinks (2.5.3)
      coffee-rails
    twitter_cldr (3.3.0)
      camertron-eprun
      cldr-plurals-runtime-rb (~> 1.0.0)
      json
      tzinfo
    tzinfo (1.2.2)
      thread_safe (~> 0.1)
    uglifier (3.0.0)
      execjs (>= 0.3.0, < 3)
    unicode_utils (1.4.0)
    unicorn (5.0.1)
      kgio (~> 2.6)
      rack
      raindrops (~> 0.7)
    versioncake (2.3.1)
      actionpack (>= 3.2)
      activesupport (>= 3.2)
      railties (>= 3.2)
      tzinfo
    warden (1.2.6)
      rack (>= 1.0)
    web-console (3.1.1)
      activemodel (>= 4.2)
      debug_inspector
      railties (>= 4.2)
    webmock (2.1.0)
      addressable (>= 2.3.6)
      crack (>= 0.3.2)
      hashdiff
    xml-simple (1.1.5)
    xpath (2.0.0)
      nokogiri (~> 1.3)

PLATFORMS
  ruby

DEPENDENCIES
  activeresource (= 4.1.0)
  activeresource_redirect_connection!
  acts_as_list (= 0.7.4)
  bcrypt (= 3.1.11)
  bourbon (= 4.2.6)
  bxslider-rails (= 4.2.5.1)
  byebug (= 8.2.4)
  capistrano (= 3.4.0)
  capistrano-bundler (= 1.1.4)
  capistrano-rails (= 1.1.6)
  capistrano-rvm (= 0.1.2)
  capistrano-sidekiq (= 0.5.4)
  capistrano3-unicorn (= 0.2.1)
  capybara (= 2.7.0)
  combine_pdf (= 0.2.30)
  countries (= 1.2.5)
  country_select (= 2.5.2)
  database_cleaner (= 1.5.1)
  date_validator (= 0.9.0)
  email_spec (= 2.0.0)
  eu_central_bank!
  exception_notification (= 4.1.4)
  factory_girl_rails (= 4.7.0)
  ffaker (= 1.32.1)
  font-awesome-rails (= 4.6.1.0)
  git
  globalize (= 5.0.1)
  haml-rails (= 0.9.0)
  html2haml (= 2.0.0)
  http_accept_language (= 2.0.5)
  image_optim_pack (= 0.2.1.20160413)
  iso_country_codes (= 0.7.4)
  jbuilder (= 2.4.1)
  jquery-rails (= 4.1.1)
  mailchimp-api (= 2.0.6)
  mysql2 (= 0.4.2)
  neat (= 1.7.4)
  paperclip (= 4.2.4)
  paperclip-optimizer (= 2.0.0)
  pg (= 0.18.4)
  quiet_assets (= 1.1.0)
  rails (= 4.2.6)
  rails-i18n (= 4.0.8)
  recaptcha (= 1.3.0)
  rspec-rails (= 3.4.2)
  sass-rails (= 5.0.4)
  sdoc (= 0.4.1)
  sidekiq (= 4.1.1)
  sidekiq-status (= 0.6.0)
  sinatra (= 1.4.7)
  slack-notifier (= 1.5.1)
  social-buttons (= 0.3.9)
  spree (= 3.0.8)
  spree_address_book!
  spree_auth_devise!
  spree_contact_us!
  spree_gateway!
  spree_i18n!
  spree_multi_currency!
  spree_paypal_express!
  spree_print_invoice!
  spree_wishlist!
  spring (= 1.7.1)
  thin (= 1.6.4)
  turbolinks (= 2.5.3)
  uglifier (= 3.0.0)
  unicorn (= 5.0.1)
  web-console (= 3.1.1)
  webmock

BUNDLED WITH
   1.11.2
